GEM
  remote: http://rubygems.org/
  remote: http://gems.github.com/
  specs:
    git (1.2.5)
    jeweler (1.5.1)
      bundler (~> 1.0.0)
      git (>= 1.2.5)
      rake
    rake (0.8.7)

PLATFORMS
  ruby

DEPENDENCIES
  jeweler (~> 1.5)
