GEM
  remote: http://rubygems.org/
  remote: http://gems.github.com/
  specs:
    abstract (1.0.0)
    actionmailer (3.0.2)
      actionpack (= 3.0.2)
      mail (~> 2.2.9)
    actionpack (3.0.2)
      activemodel (= 3.0.2)
      activesupport (= 3.0.2)
      builder (~> 2.1.2)
      erubis (~> 2.6.6)
      i18n (~> 0.4.1)
      rack (~> 1.2.1)
      rack-mount (~> 0.6.13)
      rack-test (~> 0.5.6)
      tzinfo (~> 0.3.23)
    activemodel (3.0.2)
      activesupport (= 3.0.2)
      builder (~> 2.1.2)
      i18n (~> 0.4.1)
    activerecord (3.0.2)
      activemodel (= 3.0.2)
      activesupport (= 3.0.2)
      arel (~> 2.0.2)
      tzinfo (~> 0.3.23)
    activeresource (3.0.2)
      activemodel (= 3.0.2)
      activesupport (= 3.0.2)
    activesupport (3.0.2)
    arel (2.0.2)
    builder (2.1.2)
    erubis (2.6.6)
      abstract (>= 1.0.0)
    ffi (0.6.3)
      rake (>= 0.8.7)
    git (1.2.5)
    i18n (0.4.2)
    jeweler (1.5.1)
      bundler (~> 1.0.0)
      git (>= 1.2.5)
      rake
    mail (2.2.9.1)
      activesupport (>= 2.3.6)
      i18n (>= 0.4.1)
      mime-types (~> 1.16)
      treetop (~> 1.4.8)
    mime-types (1.16)
    polyglot (0.3.1)
    rack (1.2.1)
    rack-mount (0.6.13)
      rack (>= 1.0.0)
    rack-test (0.5.6)
      rack (>= 1.0)
    rails (3.0.2)
      actionmailer (= 3.0.2)
      actionpack (= 3.0.2)
      activerecord (= 3.0.2)
      activeresource (= 3.0.2)
      activesupport (= 3.0.2)
      bundler (~> 1.0.0)
      railties (= 3.0.2)
    railties (3.0.2)
      actionpack (= 3.0.2)
      activesupport (= 3.0.2)
      rake (>= 0.8.7)
      thor (~> 0.14.4)
    rake (0.8.7)
    sqlite3 (0.1.1)
      ffi (>= 0.6.3)
    thor (0.14.4)
    treetop (1.4.8)
      polyglot (>= 0.3.1)
    tzinfo (0.3.23)

PLATFORMS
  ruby

DEPENDENCIES
  jeweler (~> 1.5)
  rails (~> 3.0.1)
  sqlite3
